GEM
  remote: https://rubygems.org/
  specs:
    async (2.27.2)
      console (~> 1.29)
      fiber-annotation
      io-event (~> 1.11)
      metrics (~> 0.12)
      traces (~> 0.15)
    async-http (0.89.0)
      async (>= 2.10.2)
      async-pool (~> 0.9)
      io-endpoint (~> 0.14)
      io-stream (~> 0.6)
      metrics (~> 0.12)
      protocol-http (~> 0.49)
      protocol-http1 (~> 0.30)
      protocol-http2 (~> 0.22)
      traces (~> 0.10)
    async-job (0.10.1)
      async (~> 2.9)
    async-pool (0.11.0)
      async (>= 2.0)
    console (1.33.0)
      fiber-annotation
      fiber-local (~> 1.1)
      json
    db (0.12.0)
      async-pool
    fiber-annotation (0.2.0)
    fiber-local (1.1.0)
      fiber-storage
    fiber-storage (1.0.1)
    guaraci (1.0.0)
      async (~> 2.27.0)
      async-http (~> 0.89.0)
      json
    io-endpoint (0.15.2)
    io-event (1.12.1)
    io-stream (0.10.0)
    json (2.13.2)
    metrics (0.13.0)
    protocol-hpack (1.5.1)
    protocol-http (0.51.1)
    protocol-http1 (0.34.1)
      protocol-http (~> 0.22)
    protocol-http2 (0.22.1)
      protocol-hpack (~> 1.4)
      protocol-http (~> 0.47)
    traces (0.16.2)

PLATFORMS
  ruby
  x86_64-linux

DEPENDENCIES
  async
  async-http
  async-job
  db
  guaraci

BUNDLED WITH
   2.7.1
